GEM
  remote: https://gems.contribsys.com/
  specs:
    sidekiq-pro (7.1.3)
      sidekiq (>= 7.1.0, < 8)

GEM
  remote: https://rubygems.org/
  specs:
    concurrent-ruby (1.2.2)
    connection_pool (2.4.1)
    rack (3.0.8)
    redis-client (0.14.1)
      connection_pool
    sidekiq (7.1.2)
      concurrent-ruby (< 2)
      connection_pool (>= 2.3.0)
      rack (>= 2.2.4)
      redis-client (>= 0.14.0)

PLATFORMS
  arm64-darwin-22

DEPENDENCIES
  sidekiq-pro!

RUBY VERSION
   ruby 3.2.2p53

BUNDLED WITH
   2.4.14
